GEM
  remote: https://rubygems.org/
  specs:
    highline (1.6.19)
    net-ssh (2.8.0)
    rake (10.3.1)

PLATFORMS
  ruby

DEPENDENCIES
  highline
  net-ssh
  rake
